GEM
  remote: https://rubygems.org/
  specs:
    addressable (2.8.7)
      public_suffix (>= 2.0.2, < 7.0)
    base64 (0.2.0)
    bibtex-ruby (6.1.0)
      latex-decode (~> 0.0)
      racc (~> 1.7)
    bigdecimal (3.1.9)
    citeproc (1.1.0)
      date
      forwardable
      json
      namae (~> 1.0)
      observer (< 1.0)
      open-uri (< 1.0)
    citeproc-ruby (1.1.14)
      citeproc (~> 1.0, >= 1.0.9)
      csl (~> 1.6)
    colorator (1.1.0)
    concurrent-ruby (1.3.5)
    csl (1.6.0)
      namae (~> 1.0)
      rexml
    csl-styles (1.0.1.11)
      csl (~> 1.0)
    csv (3.3.2)
    date (3.4.1)
    em-websocket (0.5.3)
      eventmachine (>= 0.12.9)
      http_parser.rb (~> 0)
    eventmachine (1.2.7)
    exifr (1.4.1)
    fastimage (2.4.0)
    ffi (1.17.1-x86_64-linux-gnu)
    forwardable (1.3.3)
    forwardable-extended (2.6.0)
    google-protobuf (4.29.3-x86_64-linux)
      bigdecimal
      rake (>= 13)
    http_parser.rb (0.8.0)
    i18n (1.14.7)
      concurrent-ruby (~> 1.0)
    jekyll (4.4.1)
      addressable (~> 2.4)
      base64 (~> 0.2)
      colorator (~> 1.0)
      csv (~> 3.0)
      em-websocket (~> 0.5)
      i18n (~> 1.0)
      jekyll-sass-converter (>= 2.0, < 4.0)
      jekyll-watch (~> 2.0)
      json (~> 2.6)
      kramdown (~> 2.3, >= 2.3.1)
      kramdown-parser-gfm (~> 1.0)
      liquid (~> 4.0)
      mercenary (~> 0.3, >= 0.3.6)
      pathutil (~> 0.9)
      rouge (>= 3.0, < 5.0)
      safe_yaml (~> 1.0)
      terminal-table (>= 1.8, < 4.0)
      webrick (~> 1.7)
    jekyll-exif-data (0.0.3)
      exifr (~> 1.3)
    jekyll-feed (0.17.0)
      jekyll (>= 3.7, < 5.0)
    jekyll-image-size (1.2.1)
      fastimage (>= 1.8)
      jekyll (>= 3.7)
    jekyll-sass-converter (3.1.0)
      sass-embedded (~> 1.75)
    jekyll-scholar (7.1.3)
      bibtex-ruby (~> 6.0)
      citeproc-ruby (~> 1.0)
      csl-styles (~> 1.0)
      jekyll (~> 4.0)
    jekyll-seo-tag (2.8.0)
      jekyll (>= 3.8, < 5.0)
    jekyll-sitemap (1.4.0)
      jekyll (>= 3.7, < 5.0)
    jekyll-time-to-read (0.1.2)
      jekyll
    jekyll-watch (2.2.1)
      listen (~> 3.0)
    json (2.10.1)
    kramdown (2.5.1)
      rexml (>= 3.3.9)
    kramdown-parser-gfm (1.1.0)
      kramdown (~> 2.0)
    latex-decode (0.4.0)
    liquid (4.0.4)
    listen (3.9.0)
      rb-fsevent (~> 0.10, >= 0.10.3)
      rb-inotify (~> 0.9, >= 0.9.10)
    mercenary (0.4.0)
    minima (2.5.2)
      jekyll (>= 3.5, < 5.0)
      jekyll-feed (~> 0.9)
      jekyll-seo-tag (~> 2.1)
    namae (1.2.0)
      racc (~> 1.7)
    observer (0.1.2)
    open-uri (0.5.0)
      stringio
      time
      uri
    pathutil (0.16.2)
      forwardable-extended (~> 2.6)
    public_suffix (6.0.1)
    racc (1.8.1)
    rake (13.2.1)
    rb-fsevent (0.11.2)
    rb-inotify (0.11.1)
      ffi (~> 1.0)
    rexml (3.4.0)
    rouge (4.5.1)
    safe_yaml (1.0.5)
    sass-embedded (1.85.0-x86_64-linux-gnu)
      google-protobuf (~> 4.29)
    stringio (3.1.3)
    terminal-table (3.0.2)
      unicode-display_width (>= 1.1.1, < 3)
    time (0.4.1)
      date
    unicode-display_width (2.6.0)
    uri (1.0.2)
    webrick (1.9.1)

PLATFORMS
  x86_64-linux-gnu

DEPENDENCIES
  jekyll
  jekyll-exif-data
  jekyll-feed (~> 0.6)
  jekyll-image-size (~> 1.2)
  jekyll-scholar
  jekyll-sitemap
  jekyll-time-to-read
  minima
  tzinfo-data
  webrick

BUNDLED WITH
   2.4.20
